PATH
  remote: .
  specs:
    lightning_sites (1.4.17)
      colorize (>= 0.8)
      html-proofer (>= 3.19.1)
      html-proofer-mailto_awesome (>= 1.0.6)
      nokogiri (>= 1.13.10)
      rake (>= 12.3.1)
      w3c_validators (>= 1.3.4)
      web-puc (>= 0.4.1)
      webrick (>= 1.7.0)

GEM
  remote: https://rubygems.org/
  specs:
    Ascii85 (1.1.0)
    addressable (2.8.1)
      public_suffix (>= 2.0.2, < 6.0)
    afm (0.2.2)
    async (2.3.1)
      console (~> 1.10)
      io-event (~> 1.1)
      timers (~> 4.1)
    colorize (0.8.1)
    console (1.16.2)
      fiber-local
    diff-lcs (1.5.0)
    domain_name (0.5.20190701)
      unf (>= 0.0.5, < 1.0.0)
    ethon (0.16.0)
      ffi (>= 1.15.0)
    ffi (1.15.5)
    ffi-compiler (1.0.1)
      ffi (>= 1.0.0)
      rake
    fiber-local (1.0.0)
    hashery (2.1.2)
    html-proofer (5.0.4)
      addressable (~> 2.3)
      async (~> 2.1)
      nokogiri (~> 1.13)
      pdf-reader (~> 2.11)
      rainbow (~> 3.0)
      typhoeus (~> 1.3)
      yell (~> 2.0)
      zeitwerk (~> 2.5)
    html-proofer-mailto_awesome (1.0.6)
      html-proofer (~> 5.0, >= 5.0.4)
    http (5.1.1)
      addressable (~> 2.8)
      http-cookie (~> 1.0)
      http-form_data (~> 2.2)
      llhttp-ffi (~> 0.4.0)
    http-cookie (1.0.5)
      domain_name (~> 0.5)
    http-form_data (2.3.0)
    io-event (1.1.6)
    json (2.6.3)
    llhttp-ffi (0.4.0)
      ffi-compiler (~> 1.0)
      rake (~> 13.0)
    nokogiri (1.14.2-arm64-darwin)
      racc (~> 1.4)
    nokogiri (1.14.2-x86_64-linux)
      racc (~> 1.4)
    pdf-reader (2.11.0)
      Ascii85 (~> 1.0)
      afm (~> 0.2.1)
      hashery (~> 2.0)
      ruby-rc4
      ttfunk
    public_suffix (5.0.1)
    racc (1.6.2)
    rainbow (3.1.1)
    rake (13.0.6)
    rexml (3.2.5)
    rspec (3.12.0)
      rspec-core (~> 3.12.0)
      rspec-expectations (~> 3.12.0)
      rspec-mocks (~> 3.12.0)
    rspec-core (3.12.1)
      rspec-support (~> 3.12.0)
    rspec-expectations (3.12.2)
      diff-lcs (>= 1.2.0, < 2.0)
      rspec-support (~> 3.12.0)
    rspec-mocks (3.12.3)
      diff-lcs (>= 1.2.0, < 2.0)
      rspec-support (~> 3.12.0)
    rspec-support (3.12.0)
    ruby-rc4 (0.1.5)
    timers (4.3.5)
    ttfunk (1.7.0)
    typhoeus (1.4.0)
      ethon (>= 0.9.0)
    unf (0.1.4)
      unf_ext
    unf_ext (0.0.8.2)
    w3c_validators (1.3.7)
      json (>= 1.8)
      nokogiri (~> 1.6)
      rexml (~> 3.2)
    web-puc (0.4.4)
      http (~> 5.1)
      rake (>= 12)
    webrick (1.8.1)
    yell (2.2.2)
    zeitwerk (2.6.7)

PLATFORMS
  arm64-darwin-21
  x86_64-linux

DEPENDENCIES
  bundler (>= 2.1.1)
  lightning_sites!
  rake
  rspec

BUNDLED WITH
   2.4.7
