PATH
  remote: .
  specs:
    lightning_sites (1.4.14)
      colorize (>= 0.8)
      html-proofer (>= 3.19.1)
      html-proofer-mailto_awesome (>= 1.0.1)
      nokogiri (>= 1.11.4)
      rake (>= 12.3.1)
      w3c_validators (>= 1.3.4)
      web-puc (>= 0.4.1)

GEM
  remote: https://rubygems.org/
  specs:
    addressable (2.7.0)
      public_suffix (>= 2.0.2, < 5.0)
    colorize (0.8.1)
    diff-lcs (1.4.4)
    domain_name (0.5.20190701)
      unf (>= 0.0.5, < 1.0.0)
    ethon (0.14.0)
      ffi (>= 1.15.0)
    ffi (1.15.0)
    html-proofer (3.19.1)
      addressable (~> 2.3)
      mercenary (~> 0.3)
      nokogumbo (~> 2.0)
      parallel (~> 1.3)
      rainbow (~> 3.0)
      typhoeus (~> 1.3)
      yell (~> 2.0)
    html-proofer-mailto_awesome (1.0.3)
      html-proofer (~> 3.0, >= 3.15.0)
    http (2.2.2)
      addressable (~> 2.3)
      http-cookie (~> 1.0)
      http-form_data (~> 1.0.1)
      http_parser.rb (~> 0.6.0)
    http-cookie (1.0.3)
      domain_name (~> 0.5)
    http-form_data (1.0.3)
    http_parser.rb (0.6.0)
    json (2.5.1)
    json-schema (2.8.1)
      addressable (>= 2.4)
    mercenary (0.4.0)
    mini_portile2 (2.8.0)
    nokogiri (1.13.6)
      mini_portile2 (~> 2.8.0)
      racc (~> 1.4)
    nokogumbo (2.0.5)
      nokogiri (~> 1.8, >= 1.8.4)
    parallel (1.20.1)
    public_suffix (4.0.6)
    racc (1.6.0)
    rainbow (3.0.0)
    rake (12.3.3)
    rexml (3.2.5)
    rspec (3.10.0)
      rspec-core (~> 3.10.0)
      rspec-expectations (~> 3.10.0)
      rspec-mocks (~> 3.10.0)
    rspec-core (3.10.1)
      rspec-support (~> 3.10.0)
    rspec-expectations (3.10.1)
      diff-lcs (>= 1.2.0, < 2.0)
      rspec-support (~> 3.10.0)
    rspec-mocks (3.10.2)
      diff-lcs (>= 1.2.0, < 2.0)
      rspec-support (~> 3.10.0)
    rspec-support (3.10.2)
    safe-enum (0.3.0)
    structured-acceptance-test (0.0.6)
      colorize (~> 0.8, >= 0.8.1)
      json-schema (~> 2.8, >= 2.8.0)
      safe-enum (~> 0.3, >= 0.3.0)
    typhoeus (1.4.0)
      ethon (>= 0.9.0)
    unf (0.1.4)
      unf_ext
    unf_ext (0.0.7.7)
    w3c_validators (1.3.6)
      json (>= 1.8)
      nokogiri (~> 1.6)
      rexml (~> 3.2)
    web-puc (0.4.1)
      http (~> 2.2)
      rake (~> 12)
      structured-acceptance-test (~> 0.0.6)
    yell (2.2.2)

PLATFORMS
  ruby

DEPENDENCIES
  bundler (>= 2.1.1)
  lightning_sites!
  rake
  rspec

BUNDLED WITH
   2.2.15
